REDIRECTS: FORCE
RESTRICTION: == net472
NUGET
  remote: https://api.nuget.org/v3/index.json
    Antlr (3.5.0.2)
    bootstrap (3.4.1)
      jQuery (>= 1.9.1 < 4.0)
    jQuery (3.4.1)
    jQuery.Validation (1.17)
      jQuery (>= 1.4.4)
    Microsoft.AspNet.Mvc (5.2.7)
      Microsoft.AspNet.Razor (>= 3.2.7 < 3.3)
      Microsoft.AspNet.WebPages (>= 3.2.7 < 3.3)
    Microsoft.AspNet.Razor (3.2.7)
    Microsoft.AspNet.Web.Optimization (1.1.3)
      Microsoft.Web.Infrastructure (>= 1.0)
      WebGrease (>= 1.5.2)
    Microsoft.AspNet.WebPages (3.2.7)
      Microsoft.AspNet.Razor (>= 3.2.7 < 3.3)
      Microsoft.Web.Infrastructure (>= 1.0)
    Microsoft.CodeDom.Providers.DotNetCompilerPlatform (2.0.1)
    Microsoft.jQuery.Unobtrusive.Validation (3.2.11)
      jQuery (>= 1.8)
      jQuery.Validation (>= 1.8.0.1)
    Microsoft.Web.Infrastructure (1.0)
    Modernizr (2.8.3)
    Newtonsoft.Json (12.0.2)
    WebGrease (1.6)
      Antlr (>= 3.4.1.9004)
      Newtonsoft.Json (>= 5.0.4)
